GIT
  remote: https://github.com/nakilon/tablestructured.git
  revision: e7c27f621298890755eff479c0547e312d3d19c7
  specs:
    tablestructured (0.4.0)

GEM
  remote: https://rubygems.org/
  specs:
    addressable (2.8.4)
      public_suffix (>= 2.0.2, < 6.0)
    ansi (1.5.0)
    ast (2.4.2)
    nethttputils (0.4.4.0)
      addressable
    oga (3.4)
      ast
      ruby-ll (~> 2.1)
    pcbr (0.5.0)
    public_suffix (4.0.7)
    ruby-ll (2.1.2)
      ansi
      ast

PLATFORMS
  ruby

DEPENDENCIES
  nethttputils
  oga
  pcbr
  tablestructured!

BUNDLED WITH
   2.3.24
