PATH
  remote: ../tablestructured
  specs:
    tablestructured (0.2.1)

GEM
  remote: https://rubygems.org/
  specs:
    ansi (1.5.0)
    ast (2.4.2)
    oga (3.4)
      ast
      ruby-ll (~> 2.1)
    ruby-ll (2.1.2)
      ansi
      ast

PLATFORMS
  ruby

DEPENDENCIES
  oga
  tablestructured!

BUNDLED WITH
   2.1.4
